GEM
  remote: http://rubygems.org/
  specs:
    amqp (0.7.4)
      eventmachine
    bacon (1.1.0)
    bit-struct (0.13.6)
    columnize (0.3.6)
    configuration (1.2.0)
    eventmachine (1.0.0.beta.3)
    extlib (0.9.15)
    ipaddress (0.7.0)
    isono (0.2.9)
      amqp (= 0.7.4)
      eventmachine (= 1.0.0.beta.3)
      log4r
      statemachine (>= 1.0.0)
    json (1.5.3)
    kgio (2.6.0)
    linecache (0.46)
      rbx-require-relative (> 0.0.4)
    log4r (1.1.9)
    mime-types (1.16)
    net-dhcp (1.1.1)
    open4 (1.0.1)
    pg (0.11.0)
    rack (1.3.2)
    racket (1.0.11)
      bit-struct
    raindrops (0.7.0)
    rake (0.9.2)
    rbx-require-relative (0.0.5)
    rest-client (1.6.7)
      mime-types (>= 1.16)
    ruby-debug (0.10.4)
      columnize (>= 0.1)
      ruby-debug-base (~> 0.10.4.0)
    ruby-debug-base (0.10.4)
      linecache (>= 0.3)
    ruby-hmac (0.4.0)
    sequel (3.27.0)
    sinatra (1.2.6)
      rack (~> 1.1)
      tilt (>= 1.2.2, < 2.0)
    statemachine (1.1.1)
    thor (0.14.6)
    tilt (1.3.3)
    unicorn (4.1.1)
      kgio (~> 2.4)
      rack
      raindrops (~> 0.6)

PLATFORMS
  ruby

DEPENDENCIES
  bacon
  bit-struct (>= 0.13.6)
  configuration
  extlib (= 0.9.15)
  ipaddress (= 0.7.0)
  isono (= 0.2.9)
  json (>= 1.2.0)
  net-dhcp (>= 1.1.0)
  open4 (= 1.0.1)
  pg (= 0.11.0)
  rack (>= 1.3.2)
  racket (>= 1.0.11)
  rake (= 0.9.2)
  rest-client
  ruby-debug
  ruby-hmac
  sequel (= 3.27.0)
  sinatra (= 1.2.6)
  thor (= 0.14.6)
  unicorn (= 4.1.1)
